GEM
  remote: https://rubygems.org/
  specs:
    coderay (1.1.2)
    httparty (0.16.4)
      mime-types (~> 3.0)
      multi_xml (>= 0.5.2)
    method_source (0.9.2)
    mime-types (3.2.2)
      mime-types-data (~> 3.2015)
    mime-types-data (3.2018.0812)
    multi_xml (0.6.0)
    pry (0.12.2)
      coderay (~> 1.1.0)
      method_source (~> 0.9.0)
    pry-rails (0.3.9)
      pry (>= 0.10.4)

PLATFORMS
  ruby

DEPENDENCIES
  httparty
  pry-rails

BUNDLED WITH
   2.0.1
